GEM
  remote: https://rubygems.org/
  specs:
    commonmarker (1.1.3)
      rb_sys (~> 0.9)
    commonmarker (1.1.3-aarch64-linux)
    commonmarker (1.1.3-arm64-darwin)
    commonmarker (1.1.3-x86_64-darwin)
    commonmarker (1.1.3-x86_64-linux)
    js (2.6.1)
    openapi3_parser (0.10.0)
      commonmarker (>= 1.0)
    rb_sys (0.9.97)
    ruby_wasm (2.6.1)
    ruby_wasm (2.6.1-aarch64-linux)
    ruby_wasm (2.6.1-aarch64-linux-musl)
    ruby_wasm (2.6.1-arm64-darwin)
    ruby_wasm (2.6.1-x86_64-darwin)
    ruby_wasm (2.6.1-x86_64-linux)
    ruby_wasm (2.6.1-x86_64-linux-musl)
    webrick (1.8.1)

PLATFORMS
  aarch64-linux
  aarch64-linux-musl
  arm64-darwin
  ruby
  x86_64-darwin
  x86_64-linux
  x86_64-linux-musl

DEPENDENCIES
  js (~> 2.6)
  openapi3_parser
  ruby_wasm (~> 2.6)
  webrick

BUNDLED WITH
   2.5.9
